{
  "InstitutionAddress": "Center for Discovery and Innovation, 85 St Nicholas Terrace, New York, NY 10031",
  "InstitutionName": "The City College of New York, CUNY",
  "InstitutionalDepartmentName": "Department of Biomedical Engineering",
  "PowerLineFrequency": 60,
  "ManufacturersModelName": "ANT Neuro-eego Wavegaurd Cap, eego Amplifier, 32 EEG chans + 3 external(ECG/EOG/RESP), Ref Input Range: 150-1000 mV pp",
  "TaskName": "GXtESCTT",
  "EEGReference": "CPz",
  "EEGChannelCount": 32,
  "ECGChannelCount": 1,
  "EOGChannelCount": 1,
  "MiscChannelCount": 35,
  "RecordingType": "continuous",
  "RecordingDuration": 4234.9625,
  "SamplingFrequency": 2000,
  "SubjectArtefactDescription": "File: 0701 ;Date, Start,Stop:11/15/19\t4:09:15 PM\t5:19:15 PM;Montages:P5, F5, M5;Stim Amplitude(mA): 0.5, 0.5, 0.5;Notes:",
  "EMGChannelCount": 0,
  "SoftwareFilters": "n/a"
}