{
  "InstitutionAddress": "Center for Discovery and Innovation, 85 St Nicholas Terrace, New York, NY 10031",
  "InstitutionName": "The City College of New York, CUNY",
  "InstitutionalDepartmentName": "Department of Biomedical Engineering",
  "PowerLineFrequency": 60,
  "ManufacturersModelName": "ANT Neuro-eego Wavegaurd Cap, eego Amplifier, 32 EEG chans + 3 external(ECG/EOG/RESP), Ref Input Range: 150-1000 mV pp",
  "TaskName": "GXtESCTT",
  "EEGReference": "CPz",
  "EEGChannelCount": 32,
  "ECGChannelCount": 1,
  "EOGChannelCount": 1,
  "MiscChannelCount": 35,
  "RecordingType": "continuous",
  "RecordingDuration": 4235.3075,
  "SamplingFrequency": 2000,
  "SubjectArtefactDescription": "File: 0302 ;Date, Start,Stop:10/31/19\t4:53:52 PM\t6:03:52 PM;Montages:F5, P5, P30;Stim Amplitude(mA): 0.5, 0.5, 0.5;Notes: F0 was only triggered once due to trigger error",
  "EMGChannelCount": 0,
  "SoftwareFilters": "n/a"
}