{
  "InstitutionAddress": "Center for Discovery and Innovation, 85 St Nicholas Terrace, New York, NY 10031",
  "InstitutionName": "The City College of New York, CUNY",
  "InstitutionalDepartmentName": "Department of Biomedical Engineering",
  "PowerLineFrequency": 60,
  "ManufacturersModelName": "ANT Neuro-eego Wavegaurd Cap, eego Amplifier, 32 EEG chans + 3 external(ECG/EOG/RESP), Ref Input Range: 150-1000 mV pp",
  "TaskName": "GXtESCTT",
  "EEGReference": "CPz",
  "EEGChannelCount": 32,
  "ECGChannelCount": 1,
  "EOGChannelCount": 1,
  "MiscChannelCount": 35,
  "RecordingType": "continuous",
  "RecordingDuration": 4222.363,
  "SamplingFrequency": 2000,
  "SubjectArtefactDescription": "File: 1001 ;Date, Start,Stop:11/26/19\t3:31:30 PM\t4:41:30 PM;Montages:M0, P0, M5;Stim Amplitude(mA): 1, 1, 1;Notes:",
  "EMGChannelCount": 0,
  "SoftwareFilters": "n/a"
}