{
  "InstitutionAddress": "Center for Discovery and Innovation, 85 St Nicholas Terrace, New York, NY 10031",
  "InstitutionName": "The City College of New York, CUNY",
  "InstitutionalDepartmentName": "Department of Biomedical Engineering",
  "PowerLineFrequency": 60,
  "ManufacturersModelName": "ANT Neuro-eego Wavegaurd Cap, eego Amplifier, 32 EEG chans + 3 external(ECG/EOG/RESP), Ref Input Range: 150-1000 mV pp",
  "TaskName": "GXtESCTT",
  "EEGReference": "CPz",
  "EEGChannelCount": 32,
  "ECGChannelCount": 1,
  "EOGChannelCount": 1,
  "MiscChannelCount": 35,
  "RecordingType": "continuous",
  "RecordingDuration": 4253.3955,
  "SamplingFrequency": 2000,
  "SubjectArtefactDescription": "File: 2002 ;Date, Start,Stop:2/4/20\t3:05:32 PM\t4:15:32 PM;Montages:M30;Stim Amplitude(mA): 1;Notes:",
  "EMGChannelCount": 0,
  "SoftwareFilters": "n/a"
}