{
  "InstitutionAddress": "Center for Discovery and Innovation, 85 St Nicholas Terrace, New York, NY 10031",
  "InstitutionName": "The City College of New York, CUNY",
  "InstitutionalDepartmentName": "Department of Biomedical Engineering",
  "PowerLineFrequency": 60,
  "ManufacturersModelName": "ANT Neuro-eego Wavegaurd Cap, eego Amplifier, 32 EEG chans + 3 external(ECG/EOG/RESP), Ref Input Range: 150-1000 mV pp",
  "TaskName": "GXtESCTT",
  "EEGReference": "CPz",
  "EEGChannelCount": 32,
  "ECGChannelCount": 1,
  "EOGChannelCount": 1,
  "MiscChannelCount": 35,
  "RecordingType": "continuous",
  "RecordingDuration": 4228.629,
  "SamplingFrequency": 2000,
  "SubjectArtefactDescription": "File: 0402 ;Date, Start,Stop:11/05/19\t6:05:03 PM\t7:15:03 PM;Montages:P0, F0, M0;Stim Amplitude(mA): 1, 1, 1;Notes: F0 was only triggered once due to trigger error",
  "EMGChannelCount": 0,
  "SoftwareFilters": "n/a"
}