{
  "InstitutionAddress": "Center for Discovery and Innovation, 85 St Nicholas Terrace, New York, NY 10031",
  "InstitutionName": "The City College of New York, CUNY",
  "InstitutionalDepartmentName": "Department of Biomedical Engineering",
  "PowerLineFrequency": 60,
  "ManufacturersModelName": "ANT Neuro-eego Wavegaurd Cap, eego Amplifier, 32 EEG chans + 3 external(ECG/EOG/RESP), Ref Input Range: 150-1000 mV pp",
  "TaskName": "GXtESCTT",
  "EEGReference": "CPz",
  "EEGChannelCount": 32,
  "ECGChannelCount": 1,
  "EOGChannelCount": 1,
  "MiscChannelCount": 35,
  "RecordingType": "continuous",
  "RecordingDuration": 3183.253,
  "SamplingFrequency": 2000,
  "SubjectArtefactDescription": "File: 0102 ;Date, Start,Stop:9/27/19\t5:01:55 PM\t6:11:55 PM;Montages:M30, F30, F0;Stim Amplitude(mA): 0.5, 0.5, 0.5;Notes: F0 was only triggered once due to trigger error",
  "EMGChannelCount": 0,
  "SoftwareFilters": "n/a"
}