{
  "InstitutionAddress": "Center for Discovery and Innovation, 85 St Nicholas Terrace, New York, NY 10031",
  "InstitutionName": "The City College of New York, CUNY",
  "InstitutionalDepartmentName": "Department of Biomedical Engineering",
  "PowerLineFrequency": 60,
  "ManufacturersModelName": "ANT Neuro-eego Wavegaurd Cap, eego Amplifier, 32 EEG chans + 3 external(ECG/EOG/RESP), Ref Input Range: 150-1000 mV pp",
  "TaskName": "GXtESCTT",
  "EEGReference": "CPz",
  "EEGChannelCount": 32,
  "ECGChannelCount": 1,
  "EOGChannelCount": 1,
  "MiscChannelCount": 35,
  "RecordingType": "continuous",
  "RecordingDuration": 4259.1645,
  "SamplingFrequency": 2000,
  "SubjectArtefactDescription": "File: 2402 ;Date, Start,Stop:2/27/20\t3:22:08 PM\t4:32:08 PM;Montages:M30;Stim Amplitude(mA): 1;Notes: Same participant as 21, 26",
  "EMGChannelCount": 0,
  "SoftwareFilters": "n/a"
}