{
  "InstitutionAddress": "Center for Discovery and Innovation, 85 St Nicholas Terrace, New York, NY 10031",
  "InstitutionName": "The City College of New York, CUNY",
  "InstitutionalDepartmentName": "Department of Biomedical Engineering",
  "PowerLineFrequency": 60,
  "ManufacturersModelName": "ANT Neuro-eego Wavegaurd Cap, eego Amplifier, 32 EEG chans + 3 external(ECG/EOG/RESP), Ref Input Range: 150-1000 mV pp",
  "TaskName": "GXtESCTT",
  "EEGReference": "CPz",
  "EEGChannelCount": 32,
  "ECGChannelCount": 1,
  "EOGChannelCount": 1,
  "MiscChannelCount": 35,
  "RecordingType": "continuous",
  "RecordingDuration": 4221.536,
  "SamplingFrequency": 2000,
  "SubjectArtefactDescription": "File: 0104 ;Date, Start,Stop:10/11/19\t7:05:11 PM\t8:15:11 PM;Montages:F5, M5, M0;Stim Amplitude(mA): 0.5, 0.5, 0.5;Notes:",
  "EMGChannelCount": 0,
  "SoftwareFilters": "n/a"
}