{
  "InstitutionAddress": "Center for Discovery and Innovation, 85 St Nicholas Terrace, New York, NY 10031",
  "InstitutionName": "The City College of New York, CUNY",
  "InstitutionalDepartmentName": "Department of Biomedical Engineering",
  "PowerLineFrequency": 60,
  "ManufacturersModelName": "ANT Neuro-eego Wavegaurd Cap, eego Amplifier, 32 EEG chans + 3 external(ECG/EOG/RESP), Ref Input Range: 150-1000 mV pp",
  "TaskName": "GXtESCTT",
  "EEGReference": "CPz",
  "EEGChannelCount": 32,
  "ECGChannelCount": 1,
  "EOGChannelCount": 1,
  "MiscChannelCount": 35,
  "RecordingType": "continuous",
  "RecordingDuration": 4238.932,
  "SamplingFrequency": 2000,
  "SubjectArtefactDescription": "File: 0201 ;Date, Start,Stop:10/15/19\t1:58:57 PM\t3:08:57 PM;Montages:F30, F5, P30;Stim Amplitude(mA): 0.5, 0.5, 0.5;Notes: Participant was very sleepy and fell asleep a few times",
  "EMGChannelCount": 0,
  "SoftwareFilters": "n/a"
}