{
  "InstitutionAddress": "Center for Discovery and Innovation, 85 St Nicholas Terrace, New York, NY 10031",
  "InstitutionName": "The City College of New York, CUNY",
  "InstitutionalDepartmentName": "Department of Biomedical Engineering",
  "PowerLineFrequency": 60,
  "ManufacturersModelName": "ANT Neuro-eego Wavegaurd Cap, eego Amplifier, 32 EEG chans + 3 external(ECG/EOG/RESP), Ref Input Range: 150-1000 mV pp",
  "TaskName": "GXtESCTT",
  "EEGReference": "CPz",
  "EEGChannelCount": 32,
  "ECGChannelCount": 1,
  "EOGChannelCount": 1,
  "MiscChannelCount": 35,
  "RecordingType": "continuous",
  "RecordingDuration": 4240.1555,
  "SamplingFrequency": 2000,
  "SubjectArtefactDescription": "File: 2402 ;Date, Start,Stop:2/25/20\t3:32:47 PM\t4:42:47 PM;Montages:F30;Stim Amplitude(mA): 1;Notes: Same participant as 22, 23",
  "EMGChannelCount": 0,
  "SoftwareFilters": "n/a"
}